PATH
  remote: .
  specs:
    giantbomb (0.5.2)
      httparty

GEM
  remote: https://rubygems.org/
  specs:
    httparty (0.13.5)
      json (~> 1.8)
      multi_xml (>= 0.5.2)
    json (1.8.3)
    multi_xml (0.5.5)

PLATFORMS
  ruby

DEPENDENCIES
  giantbomb!

BUNDLED WITH
   1.10.6
